GEM
  remote: https://rubygems.org/
  specs:
    ProMotion (0.7.1)

PLATFORMS
  ruby

DEPENDENCIES
  ProMotion (= 0.7.1)
